GEM
  remote: https://rubygems.org/
  specs:
    timers (4.3.5)

PLATFORMS
  ruby

DEPENDENCIES
  timers

BUNDLED WITH
   2.1.4
